GIT
  remote: https://github.com/ruby-gnome2/ruby-gnome2.git
  revision: 7a103641f87716cab36735253a6dc8116925db1d
  specs:
    atk (3.3.1)
      glib2 (= 3.3.1)
    cairo-gobject (3.3.1)
      cairo (>= 1.16.1)
      glib2 (= 3.3.1)
    gdk3 (3.3.1)
      cairo-gobject (= 3.3.1)
      gdk_pixbuf2 (= 3.3.1)
      pango (= 3.3.1)
    gdk_pixbuf2 (3.3.1)
      gio2 (= 3.3.1)
    gio2 (3.3.1)
      gobject-introspection (= 3.3.1)
    glib2 (3.3.1)
      native-package-installer (>= 1.0.3)
      pkg-config (>= 1.2.2)
    gobject-introspection (3.3.1)
      glib2 (= 3.3.1)
    gtk3 (3.3.1)
      atk (= 3.3.1)
      gdk3 (= 3.3.1)
      gdk_pixbuf2 (= 3.3.1)
      gio2 (= 3.3.1)
      pango (= 3.3.1)
    pango (3.3.1)
      cairo-gobject (= 3.3.1)
      gobject-introspection (= 3.3.1)

GEM
  remote: https://rubygems.org/
  specs:
    cairo (1.16.2)
      native-package-installer (>= 1.0.3)
      pkg-config (>= 1.2.2)
    concurrent-ruby (1.0.5)
    diff-lcs (1.3)
    native-package-installer (1.0.6)
    pkg-config (1.3.2)
    rspec (3.7.0)
      rspec-core (~> 3.7.0)
      rspec-expectations (~> 3.7.0)
      rspec-mocks (~> 3.7.0)
    rspec-core (3.7.1)
      rspec-support (~> 3.7.0)
    rspec-expectations (3.7.0)
      diff-lcs (>= 1.2.0, < 2.0)
      rspec-support (~> 3.7.0)
    rspec-mocks (3.7.0)
      diff-lcs (>= 1.2.0, < 2.0)
      rspec-support (~> 3.7.0)
    rspec-support (3.7.1)

PLATFORMS
  ruby

DEPENDENCIES
  concurrent-ruby
  gtk3!
  rspec

BUNDLED WITH
   1.16.6
